GEM
  remote: http://rubygems.org/
  specs:
    RedCloth (4.2.3)
    ZenTest (4.4.0)
    abstract (1.0.0)
    actionmailer (3.0.0)
      actionpack (= 3.0.0)
      mail (~> 2.2.5)
    actionpack (3.0.0)
      activemodel (= 3.0.0)
      activesupport (= 3.0.0)
      builder (~> 2.1.2)
      erubis (~> 2.6.6)
      i18n (~> 0.4.1)
      rack (~> 1.2.1)
      rack-mount (~> 0.6.12)
      rack-test (~> 0.5.4)
      tzinfo (~> 0.3.23)
    activemodel (3.0.0)
      activesupport (= 3.0.0)
      builder (~> 2.1.2)
      i18n (~> 0.4.1)
    activerecord (3.0.0)
      activemodel (= 3.0.0)
      activesupport (= 3.0.0)
      arel (~> 1.0.0)
      tzinfo (~> 0.3.23)
    activeresource (3.0.0)
      activemodel (= 3.0.0)
      activesupport (= 3.0.0)
    activesupport (3.0.0)
    ancestry (1.2.0)
      activerecord (>= 2.1.0)
    annotate-models (1.0.4)
    arel (1.0.1)
      activesupport (~> 3.0.0)
    autotest (4.4.1)
    autotest-notification (2.3.1)
      autotest (~> 4.3)
    autotest-rails (4.1.0)
      ZenTest
    builder (2.1.2)
    capybara (0.3.9)
      culerity (>= 0.2.4)
      mime-types (>= 1.16)
      nokogiri (>= 1.3.3)
      rack (>= 1.0.0)
      rack-test (>= 0.5.4)
      selenium-webdriver (>= 0.0.3)
    colored (1.2)
    configuration (1.1.0)
    cucumber (0.9.2)
      builder (~> 2.1.2)
      diff-lcs (~> 1.1.2)
      gherkin (~> 2.2.5)
      json (~> 1.4.6)
      term-ansicolor (~> 1.0.5)
    culerity (0.2.12)
    database_cleaner (0.5.2)
    diff-lcs (1.1.2)
    erubis (2.6.6)
      abstract (>= 1.0.0)
    factory_girl (1.3.2)
    factory_girl_rails (1.0)
      factory_girl (~> 1.3)
      rails (>= 3.0.0.beta4)
    faker (0.3.1)
    ffi (0.6.3)
      rake (>= 0.8.7)
    gherkin (2.2.8)
      json (~> 1.4.6)
      term-ansicolor (~> 1.0.5)
    haml (3.0.21)
    haml-rails (0.3.1)
      actionpack (~> 3.0.0)
      activesupport (~> 3.0.0)
      haml (~> 3.0.18)
      railties (~> 3.0.0)
    hirb (0.3.4)
    i18n (0.4.1)
    json (1.4.6)
    json_pure (1.4.6)
    launchy (0.3.7)
      configuration (>= 0.0.5)
      rake (>= 0.8.1)
    mail (2.2.7)
      activesupport (>= 2.3.6)
      mime-types
      treetop (>= 1.4.5)
    meta_search (0.9.6)
      actionpack (~> 3.0.0)
      activerecord (~> 3.0.0)
      activesupport (~> 3.0.0)
      arel (~> 1.0.1)
    meta_where (0.9.6)
      activerecord (~> 3.0.0)
      activesupport (~> 3.0.0)
      arel (~> 1.0.1)
    mime-types (1.16)
    nifty-generators (0.4.1)
    nokogiri (1.4.3.1)
    pickle (0.4.2)
      cucumber (>= 0.8)
      rake
      rspec (>= 1.3)
      yard
    polyglot (0.3.1)
    progressbar (0.9.0)
    rack (1.2.1)
    rack-mount (0.6.13)
      rack (>= 1.0.0)
    rack-test (0.5.6)
      rack (>= 1.0)
    rails (3.0.0)
      actionmailer (= 3.0.0)
      actionpack (= 3.0.0)
      activerecord (= 3.0.0)
      activeresource (= 3.0.0)
      activesupport (= 3.0.0)
      bundler (~> 1.0.0)
      railties (= 3.0.0)
    rails-erd (0.3.0)
      activerecord (~> 3.0.0)
      activesupport (~> 3.0)
      ruby-graphviz (~> 0.9.17)
    rails3-generators (0.14.0)
    rails_best_practices (0.4.4)
      colored (~> 1.2)
      progressbar (~> 0.9.0)
      ruby2ruby (~> 1.2.4)
      ruby_parser (~> 2.0.4)
    railties (3.0.0)
      actionpack (= 3.0.0)
      activesupport (= 3.0.0)
      rake (>= 0.8.4)
      thor (~> 0.14.0)
    rake (0.8.7)
    rspec (2.0.0.rc)
      rspec-core (= 2.0.0.rc)
      rspec-expectations (= 2.0.0.rc)
      rspec-mocks (= 2.0.0.rc)
    rspec-core (2.0.0.rc)
    rspec-expectations (2.0.0.rc)
      diff-lcs (>= 1.1.2)
    rspec-mocks (2.0.0.rc)
      rspec-core (= 2.0.0.rc)
      rspec-expectations (= 2.0.0.rc)
    rspec-rails (2.0.0.rc)
      rspec (= 2.0.0.rc)
    ruby-graphviz (0.9.18)
    ruby2ruby (1.2.5)
      ruby_parser (~> 2.0)
      sexp_processor (~> 3.0)
    ruby_parser (2.0.5)
      sexp_processor (~> 3.0)
    rubyzip (0.9.4)
    selenium-webdriver (0.0.28)
      ffi (>= 0.6.1)
      json_pure
      rubyzip
    sexp_processor (3.0.5)
    simple_form (1.2.2)
    spork (0.8.4)
    sqlite3-ruby (1.3.1)
    steak (1.0.0.beta.2)
      rspec
    term-ansicolor (1.0.5)
    thor (0.14.3)
    treetop (1.4.8)
      polyglot (>= 0.3.1)
    tzinfo (0.3.23)
    will_paginate (3.0.pre2)
    wirble (0.1.3)
    yard (0.6.1)

PLATFORMS
  ruby

DEPENDENCIES
  RedCloth
  ZenTest
  ancestry
  annotate-models (= 1.0.4)
  autotest-notification
  autotest-rails
  capybara
  database_cleaner
  factory_girl_rails
  faker (= 0.3.1)
  haml
  haml-rails
  hirb
  launchy
  meta_search
  meta_where
  nifty-generators
  pickle
  rails (= 3.0.0)
  rails-erd
  rails3-generators
  rails_best_practices
  rspec-rails (>= 2.0.0.beta.20)
  ruby-graphviz
  selenium-webdriver
  simple_form
  spork
  sqlite3-ruby
  steak (>= 1.0.0.beta.1)
  will_paginate (= 3.0.pre2)
  wirble
