GIT
  remote: git@github.com:adamico/pickle.git
  revision: 71d7692834482d0422c41949ab1675999bccbb22
  specs:
    pickle (0.4.7)
      cucumber (>= 0.8)
      rake

GIT
  remote: https://github.com/sferik/rails_admin.git
  revision: 785df95c47ad40a8d99c6d03478c4cfbfa5f4d3f
  specs:
    rails_admin (0.0.1)
      builder (~> 2.1.0)
      rails (~> 3.0.7)

GEM
  remote: http://rubygems.org/
  specs:
    RedCloth (4.2.7)
    ZenTest (4.5.0)
    abstract (1.0.0)
    actionmailer (3.0.8.rc4)
      actionpack (= 3.0.8.rc4)
      mail (~> 2.2.19)
    actionpack (3.0.8.rc4)
      activemodel (= 3.0.8.rc4)
      activesupport (= 3.0.8.rc4)
      builder (~> 2.1.2)
      erubis (~> 2.6.6)
      i18n (~> 0.5.0)
      rack (~> 1.2.1)
      rack-mount (~> 0.6.14)
      rack-test (~> 0.5.7)
      tzinfo (~> 0.3.23)
    activemodel (3.0.8.rc4)
      activesupport (= 3.0.8.rc4)
      builder (~> 2.1.2)
      i18n (~> 0.5.0)
    activerecord (3.0.8.rc4)
      activemodel (= 3.0.8.rc4)
      activesupport (= 3.0.8.rc4)
      arel (~> 2.0.10)
      tzinfo (~> 0.3.23)
    activeresource (3.0.8.rc4)
      activemodel (= 3.0.8.rc4)
      activesupport (= 3.0.8.rc4)
    activesupport (3.0.8.rc4)
    ancestry (1.2.4)
      activerecord (>= 2.2.2)
    annotate-models (1.0.4)
    arel (2.0.10)
    autotest (4.4.6)
      ZenTest (>= 4.4.1)
    barista (1.0.0)
      coffee-script (~> 2.1.1)
    bcrypt-ruby (2.1.4)
    builder (2.1.2)
    cancan (1.6.5)
    capybara (1.0.0.beta1)
      mime-types (>= 1.16)
      nokogiri (>= 1.3.3)
      rack (>= 1.0.0)
      rack-test (>= 0.5.4)
      selenium-webdriver (>= 0.0.27)
      xpath (~> 0.1.4)
    childprocess (0.1.9)
      ffi (~> 1.0.6)
    client_side_validations (3.0.4)
      activesupport (~> 3.0.0)
    coffee-script (2.1.3)
      coffee-script-source
    coffee-script-source (1.1.1)
    configuration (1.2.0)
    cucumber (0.10.3)
      builder (>= 2.1.2)
      diff-lcs (>= 1.1.2)
      gherkin (>= 2.3.8)
      json (>= 1.4.6)
      term-ansicolor (>= 1.0.5)
    cucumber-rails (0.5.1)
      capybara (>= 1.0.0.beta1)
      cucumber (>= 0.10.3)
      nokogiri (>= 1.4.4)
      rack-test (>= 0.5.7)
    database_cleaner (0.6.7)
    devise (1.3.4)
      bcrypt-ruby (~> 2.1.2)
      orm_adapter (~> 0.0.3)
      warden (~> 1.0.3)
    diff-lcs (1.1.2)
    erubis (2.6.6)
      abstract (>= 1.0.0)
    factory_girl (2.0.0.beta2)
    factory_girl_rails (1.1.beta1)
      factory_girl (~> 2.0.0.beta)
      rails (>= 3.0.0)
    ffi (1.0.9)
    gherkin (2.3.10)
      json (>= 1.4.6)
    haml (3.1.1)
    haml-rails (0.3.4)
      actionpack (~> 3.0)
      activesupport (~> 3.0)
      haml (~> 3.0)
      railties (~> 3.0)
    hirb (0.4.5)
    hpricot (0.8.4)
    i18n (0.5.0)
    json (1.5.1)
    json_pure (1.5.1)
    kaminari (0.12.4)
      rails (>= 3.0.0)
    launchy (0.4.0)
      configuration (>= 0.0.5)
      rake (>= 0.8.1)
    mail (2.2.19)
      activesupport (>= 2.3.6)
      i18n (>= 0.4.0)
      mime-types (~> 1.16)
      treetop (~> 1.4.8)
    meta_search (1.0.5)
      actionpack (~> 3.0.2)
      activerecord (~> 3.0.2)
      activesupport (~> 3.0.2)
      arel (~> 2.0.2)
    meta_where (1.0.4)
      activerecord (~> 3.0.0)
      activesupport (~> 3.0.0)
      arel (~> 2.0.7)
    mime-types (1.16)
    nested_form (0.1.1)
    nifty-generators (0.4.6)
    nokogiri (1.4.4)
    orm_adapter (0.0.5)
    polyglot (0.3.1)
    rack (1.2.3)
    rack-mount (0.6.14)
      rack (>= 1.0.0)
    rack-test (0.5.7)
      rack (>= 1.0)
    rails (3.0.8.rc4)
      actionmailer (= 3.0.8.rc4)
      actionpack (= 3.0.8.rc4)
      activerecord (= 3.0.8.rc4)
      activeresource (= 3.0.8.rc4)
      activesupport (= 3.0.8.rc4)
      bundler (~> 1.0)
      railties (= 3.0.8.rc4)
    rails3-generators (0.17.4)
      railties (>= 3.0.0)
    railties (3.0.8.rc4)
      actionpack (= 3.0.8.rc4)
      activesupport (= 3.0.8.rc4)
      rake (>= 0.8.7)
      thor (~> 0.14.4)
    rake (0.9.1)
    rcov (0.9.9)
    rspec (2.6.0)
      rspec-core (~> 2.6.0)
      rspec-expectations (~> 2.6.0)
      rspec-mocks (~> 2.6.0)
    rspec-core (2.6.3)
    rspec-expectations (2.6.0)
      diff-lcs (~> 1.1.2)
    rspec-mocks (2.6.0)
    rspec-rails (2.6.1)
      actionpack (~> 3.0)
      activesupport (~> 3.0)
      railties (~> 3.0)
      rspec (~> 2.6.0)
    ruby_parser (2.0.6)
      sexp_processor (~> 3.0)
    rubyzip (0.9.4)
    sass (3.1.2)
    selenium-webdriver (0.2.0)
      childprocess (>= 0.1.7)
      ffi (>= 1.0.7)
      json_pure
      rubyzip
    sexp_processor (3.0.5)
    simple_form (1.4.0)
    spork (0.9.0.rc8)
    sqlite3 (1.3.3)
    term-ansicolor (1.0.5)
    thor (0.14.6)
    treetop (1.4.9)
      polyglot (>= 0.3.1)
    tzinfo (0.3.27)
    warden (1.0.4)
      rack (>= 1.0)
    wirble (0.1.3)
    xpath (0.1.4)
      nokogiri (~> 1.3)

PLATFORMS
  ruby

DEPENDENCIES
  RedCloth
  ancestry
  annotate-models (= 1.0.4)
  autotest
  barista (~> 1.0)
  cancan
  capybara
  client_side_validations
  cucumber
  cucumber-rails
  database_cleaner
  devise
  factory_girl_rails (~> 1.1.beta1)
  haml
  haml-rails
  hirb
  hpricot
  kaminari
  launchy
  meta_search
  meta_where
  nested_form
  nifty-generators
  pickle!
  rails (= 3.0.8.rc4)
  rails3-generators
  rails_admin!
  rcov
  rspec-rails (~> 2.1)
  ruby_parser
  sass
  simple_form
  spork (~> 0.9.0.rc2)
  sqlite3
  wirble
