GIT
  remote: git@github.com:adamico/pickle.git
  revision: 71d7692834482d0422c41949ab1675999bccbb22
  specs:
    pickle (0.4.7)
      cucumber (>= 0.8)
      rake

GIT
  remote: git@github.com:adamico/rails_admin.git
  revision: a5d11b2c902fe7af38a13a0f847b29ccbf00d710
  specs:
    rails_admin (0.0.1)
      builder (~> 3.0.0)
      rails (~> 3.1.0.rc1)

GIT
  remote: https://github.com/ernie/ransack.git
  revision: fbcf2d9223181639547a0d176583ac388598fcf6
  specs:
    ransack (0.4.1)
      actionpack (~> 3.0)
      activerecord (~> 3.0)
      activesupport (~> 3.0)

GIT
  remote: https://github.com/ernie/squeel.git
  revision: 1fdbd84d57de9155921954c2113bce88e7bb9a5e
  specs:
    squeel (0.7.5)
      activerecord (~> 3.0)
      activesupport (~> 3.0)

GEM
  remote: http://rubygems.org/
  specs:
    RedCloth (4.2.7)
    ZenTest (4.5.0)
    actionmailer (3.1.0.rc3)
      actionpack (= 3.1.0.rc3)
      mail (~> 2.3.0)
    actionpack (3.1.0.rc3)
      activemodel (= 3.1.0.rc3)
      activesupport (= 3.1.0.rc3)
      builder (~> 3.0.0)
      erubis (~> 2.7.0)
      i18n (~> 0.6)
      rack (~> 1.3.0)
      rack-cache (~> 1.0.1)
      rack-mount (~> 0.8.1)
      rack-test (~> 0.6.0)
      sprockets (~> 2.0.0.beta.10)
      tzinfo (~> 0.3.27)
    activemodel (3.1.0.rc3)
      activesupport (= 3.1.0.rc3)
      bcrypt-ruby (~> 2.1.4)
      builder (~> 3.0.0)
      i18n (~> 0.6)
    activerecord (3.1.0.rc3)
      activemodel (= 3.1.0.rc3)
      activesupport (= 3.1.0.rc3)
      arel (~> 2.1.1)
      tzinfo (~> 0.3.27)
    activeresource (3.1.0.rc3)
      activemodel (= 3.1.0.rc3)
      activesupport (= 3.1.0.rc3)
    activesupport (3.1.0.rc3)
      multi_json (~> 1.0)
    ancestry (1.2.4)
      activerecord (>= 2.2.2)
    annotate-models (1.0.4)
    arel (2.1.1)
    autotest (4.4.6)
      ZenTest (>= 4.4.1)
    barista (1.2.1)
      coffee-script (~> 2.2)
    bcrypt-ruby (2.1.4)
    builder (3.0.0)
    cancan (1.6.5)
    capybara (1.0.0.rc1)
      mime-types (>= 1.16)
      nokogiri (>= 1.3.3)
      rack (>= 1.0.0)
      rack-test (>= 0.5.4)
      selenium-webdriver (~> 0.2.0)
      xpath (~> 0.1.4)
    childprocess (0.1.9)
      ffi (~> 1.0.6)
    coffee-script (2.2.0)
      coffee-script-source
      execjs
    coffee-script-source (1.1.1)
    configuration (1.2.0)
    cucumber (0.10.6)
      builder (>= 2.1.2)
      diff-lcs (>= 1.1.2)
      gherkin (~> 2.4.0)
      json (>= 1.4.6)
      term-ansicolor (>= 1.0.5)
    cucumber-rails (0.5.2)
      capybara (>= 1.0.0.rc1)
      cucumber (>= 0.10.5)
      nokogiri (>= 1.4.4)
      rack-test (>= 0.5.7)
    database_cleaner (0.6.7)
    devise (1.3.4)
      bcrypt-ruby (~> 2.1.2)
      orm_adapter (~> 0.0.3)
      warden (~> 1.0.3)
    diff-lcs (1.1.2)
    erubis (2.7.0)
    execjs (1.1.2)
      multi_json (~> 1.0)
    factory_girl (2.0.0.beta2)
    factory_girl_rails (1.1.beta1)
      factory_girl (~> 2.0.0.beta)
      rails (>= 3.0.0)
    ffi (1.0.9)
    gherkin (2.4.0)
      json (>= 1.4.6)
    haml (3.1.2)
    haml-rails (0.3.4)
      actionpack (~> 3.0)
      activesupport (~> 3.0)
      haml (~> 3.0)
      railties (~> 3.0)
    hike (1.0.0)
    hirb (0.4.5)
    hpricot (0.8.4)
    i18n (0.6.0)
    jquery-rails (1.0.9)
      railties (~> 3.0)
      thor (~> 0.14)
    json (1.5.1)
    json_pure (1.5.1)
    kaminari (0.12.4)
      rails (>= 3.0.0)
    launchy (0.4.0)
      configuration (>= 0.0.5)
      rake (>= 0.8.1)
    mail (2.3.0)
      i18n (>= 0.4.0)
      mime-types (~> 1.16)
      treetop (~> 1.4.8)
    mime-types (1.16)
    multi_json (1.0.3)
    nested_form (0.1.1)
    nifty-generators (0.4.6)
    nokogiri (1.4.4)
    orm_adapter (0.0.5)
    polyglot (0.3.1)
    rack (1.3.0)
    rack-cache (1.0.2)
      rack (>= 0.4)
    rack-mount (0.8.1)
      rack (>= 1.0.0)
    rack-ssl (1.3.2)
      rack
    rack-test (0.6.0)
      rack (>= 1.0)
    rails (3.1.0.rc3)
      actionmailer (= 3.1.0.rc3)
      actionpack (= 3.1.0.rc3)
      activerecord (= 3.1.0.rc3)
      activeresource (= 3.1.0.rc3)
      activesupport (= 3.1.0.rc3)
      bundler (~> 1.0)
      railties (= 3.1.0.rc3)
    rails3-generators (0.17.4)
      railties (>= 3.0.0)
    railties (3.1.0.rc3)
      actionpack (= 3.1.0.rc3)
      activesupport (= 3.1.0.rc3)
      rack-ssl (~> 1.3.2)
      rake (>= 0.8.7)
      thor (~> 0.14.6)
    rake (0.9.2)
    rcov (0.9.9)
    rspec (2.6.0)
      rspec-core (~> 2.6.0)
      rspec-expectations (~> 2.6.0)
      rspec-mocks (~> 2.6.0)
    rspec-core (2.6.4)
    rspec-expectations (2.6.0)
      diff-lcs (~> 1.1.2)
    rspec-mocks (2.6.0)
    rspec-rails (2.6.1)
      actionpack (~> 3.0)
      activesupport (~> 3.0)
      railties (~> 3.0)
      rspec (~> 2.6.0)
    ruby_parser (2.0.6)
      sexp_processor (~> 3.0)
    rubyzip (0.9.4)
    sass (3.1.2)
    sass-rails (3.1.0.rc.2)
      actionpack (~> 3.1.0.rc1)
      railties (~> 3.1.0.rc1)
      sass (>= 3.1.2)
      sprockets (>= 2.0.0.beta.9)
    selenium-webdriver (0.2.1)
      childprocess (>= 0.1.7)
      ffi (>= 1.0.7)
      json_pure
      rubyzip
    sexp_processor (3.0.5)
    simple_form (1.4.0)
    spork (0.9.0.rc8)
    sprockets (2.0.0.beta.10)
      hike (~> 1.0)
      rack (~> 1.0)
      tilt (!= 1.3.0, ~> 1.1)
    sqlite3 (1.3.3)
    term-ansicolor (1.0.5)
    thor (0.14.6)
    tilt (1.3.2)
    treetop (1.4.9)
      polyglot (>= 0.3.1)
    tzinfo (0.3.27)
    uglifier (0.5.4)
      execjs (>= 0.3.0)
      multi_json (>= 1.0.2)
    warden (1.0.4)
      rack (>= 1.0)
    wirble (0.1.3)
    xpath (0.1.4)
      nokogiri (~> 1.3)

PLATFORMS
  ruby

DEPENDENCIES
  RedCloth
  ancestry
  annotate-models (= 1.0.4)
  autotest
  barista (~> 1.0)
  cancan
  capybara
  coffee-script
  cucumber
  cucumber-rails
  database_cleaner
  devise
  factory_girl_rails (~> 1.1.beta1)
  haml
  haml-rails
  hirb
  hpricot
  jquery-rails
  kaminari
  launchy
  nested_form
  nifty-generators
  pickle!
  rails (= 3.1.0.rc3)
  rails3-generators
  rails_admin!
  ransack!
  rcov
  rspec-rails (~> 2.1)
  ruby_parser
  sass-rails
  simple_form
  spork (~> 0.9.0.rc2)
  sqlite3
  squeel!
  uglifier
  wirble
